PATH
  remote: .
  specs:
    eigenclass (1.1.1)

GEM
  remote: https://www.rubygems.org/
  specs:
    rake (10.1.0)
    rdoc (4.1.0)

PLATFORMS
  ruby

DEPENDENCIES
  eigenclass!
  rake
  rdoc
