PATH
  remote: .
  specs:
    eigenclass (1.1.1)

GEM
  remote: https://www.rubygems.org/
  specs:
    codeclimate-test-reporter (0.4.7)
      simplecov (>= 0.7.1, < 1.0.0)
    docile (1.1.5)
    multi_json (1.10.1)
    rake (10.1.0)
    rdoc (4.1.0)
    simplecov (0.9.2)
      docile (~> 1.1.0)
      multi_json (~> 1.0)
      simplecov-html (~> 0.9.0)
    simplecov-html (0.9.0)

PLATFORMS
  ruby

DEPENDENCIES
  codeclimate-test-reporter
  eigenclass!
  rake
  rdoc
